GIT
  remote: git://github.com/datamapper/dm-rails.git
  revision: e2ee760
  specs:
    dm-rails (1.0.0)
      actionpack (~> 3.0.0.beta3)
      activesupport (~> 3.0.0.beta3)
      dm-active_model (~> 1.0.0)
      dm-core (~> 1.0.0)
      railties (~> 3.0.0.beta3)

GIT
  remote: git://github.com/yogo/dm-persevere-adapter.git
  revision: 712c7f3
  branch: ryan/yogo-integration
  specs:
    dm-persevere-adapter (0.71.4)

GIT
  remote: git://github.com/yogo/yogo-project.git
  revision: 078cc55
  specs:
    yogo-project (0.2.0)
      activesupport (~> 3.0.0.beta4)
      deep_merge
      dm-aggregates (~> 1.0.0)
      dm-core (~> 1.0.0)
      dm-migrations (~> 1.0.0)
      dm-serializer (~> 1.0.0)
      dm-timestamps (~> 1.0.0)
      dm-types (~> 1.0.0)
      dm-validations (~> 1.0.0)

GEM
  remote: http://rubygems.org/
  specs:
    abstract (1.0.0)
    actionmailer (3.0.0.rc)
      actionpack (= 3.0.0.rc)
      mail (~> 2.2.5)
    actionpack (3.0.0.rc)
      activemodel (= 3.0.0.rc)
      activesupport (= 3.0.0.rc)
      builder (~> 2.1.2)
      erubis (~> 2.6.6)
      i18n (~> 0.4.1)
      rack (~> 1.2.1)
      rack-mount (~> 0.6.9)
      rack-test (~> 0.5.4)
      tzinfo (~> 0.3.22)
    activemodel (3.0.0.rc)
      activesupport (= 3.0.0.rc)
      builder (~> 2.1.2)
      i18n (~> 0.4.1)
    activesupport (3.0.0.rc)
    addressable (2.1.2)
    bcrypt-ruby (2.1.2)
    builder (2.1.2)
    columnize (0.3.1)
    compass (0.10.2)
      haml (>= 3.0.4)
    data_objects (0.10.2)
      addressable (~> 2.1)
    deep_merge (0.1.0)
    devise (1.1.1)
      bcrypt-ruby (~> 2.1.2)
      warden (~> 0.10.7)
    diff-lcs (1.1.2)
    dm-active_model (1.0.0)
      activemodel (~> 3.0.0.beta3)
      dm-core (~> 1.0.0)
    dm-aggregates (1.0.0)
      dm-core (~> 1.0.0)
    dm-constraints (1.0.0)
      dm-core (~> 1.0.0)
      dm-migrations (~> 1.0.0)
    dm-core (1.0.0)
      addressable (~> 2.1)
      extlib (~> 0.9.15)
    dm-devise (1.1.0)
      bcrypt-ruby (~> 2.1.2)
      devise
      dm-core (~> 1.0.0)
      dm-migrations (~> 1.0.0)
      dm-rails (~> 1.0.0)
      dm-serializer (~> 1.0.0)
      dm-timestamps (~> 1.0.0)
      dm-validations (~> 1.0.0)
      warden (~> 0.10.7)
    dm-do-adapter (1.0.0)
      data_objects (~> 0.10.1)
      dm-core (~> 1.0.0)
    dm-migrations (1.0.0)
      dm-core (~> 1.0.0)
    dm-observer (1.0.0)
      dm-core (~> 1.0.0)
    dm-serializer (1.0.0)
      dm-core (~> 1.0.0)
      fastercsv (~> 1.5.3)
      json_pure (~> 1.4.3)
    dm-sqlite-adapter (1.0.0)
      dm-do-adapter (~> 1.0.0)
      do_sqlite3 (~> 0.10.2)
    dm-timestamps (1.0.0)
      dm-core (~> 1.0.0)
    dm-transactions (1.0.0)
      dm-core (~> 1.0.0)
    dm-types (1.0.0)
      dm-core (~> 1.0.0)
      fastercsv (~> 1.5.3)
      json_pure (~> 1.4.3)
      stringex (~> 1.1.0)
      uuidtools (~> 2.1.1)
    dm-validations (1.0.0)
      dm-core (~> 1.0.0)
    do_sqlite3 (0.10.2)
      data_objects (= 0.10.2)
    erubis (2.6.6)
      abstract (>= 1.0.0)
    extlib (0.9.15)
    fastercsv (1.5.3)
    haml (3.0.15)
    has_scope (0.5.0)
    i18n (0.4.1)
    inherited_resources (1.1.2)
      has_scope (~> 0.5.0)
      responders (~> 0.6.0)
    json_pure (1.4.3)
    linecache (0.43)
    mail (2.2.5)
      activesupport (>= 2.3.6)
      mime-types
      treetop (>= 1.4.5)
    mime-types (1.16)
    nokogiri (1.4.3.1)
    polyglot (0.3.1)
    rack (1.2.1)
    rack-mount (0.6.9)
      rack (>= 1.0.0)
    rack-test (0.5.4)
      rack (>= 1.0)
    railties (3.0.0.rc)
      actionpack (= 3.0.0.rc)
      activesupport (= 3.0.0.rc)
      rake (>= 0.8.3)
      thor (~> 0.14.0)
    rake (0.8.7)
    responders (0.6.2)
    rspec (2.0.0.beta.19)
      rspec-core (= 2.0.0.beta.19)
      rspec-expectations (= 2.0.0.beta.19)
      rspec-mocks (= 2.0.0.beta.19)
    rspec-core (2.0.0.beta.19)
    rspec-expectations (2.0.0.beta.19)
      diff-lcs (>= 1.1.2)
    rspec-mocks (2.0.0.beta.19)
    rspec-rails (2.0.0.beta.19)
      rspec (= 2.0.0.beta.19)
      webrat (>= 0.7.2.beta.1)
    ruby-debug (0.10.3)
      columnize (>= 0.1)
      ruby-debug-base (~> 0.10.3.0)
    ruby-debug-base (0.10.3)
      linecache (>= 0.3)
    stringex (1.1.0)
    thor (0.14.0)
    treetop (1.4.8)
      polyglot (>= 0.3.1)
    tzinfo (0.3.22)
    uuidtools (2.1.1)
    warden (0.10.7)
      rack (>= 1.0.0)
    webrat (0.7.2.beta.1)
      nokogiri (>= 1.2.0)
      rack (>= 1.0)
      rack-test (>= 0.5.3)

PLATFORMS
  ruby

DEPENDENCIES
  actionmailer (~> 3.0.0.beta4)
  actionpack (~> 3.0.0.beta4)
  activesupport (~> 3.0.0.beta4)
  compass (>= 0.10.2)
  devise (~> 1.1.1)
  dm-active_model (~> 1.0.0)
  dm-aggregates (~> 1.0.0)
  dm-constraints (~> 1.0.0)
  dm-core (~> 1.0.0)
  dm-devise (~> 1.1.0)
  dm-do-adapter (~> 1.0.0)
  dm-migrations (~> 1.0.0)
  dm-observer (~> 1.0.0)
  dm-persevere-adapter (= 0.71.4)!
  dm-rails (~> 1.0.0)!
  dm-sqlite-adapter (~> 1.0.0)
  dm-timestamps (~> 1.0.0)
  dm-transactions (~> 1.0.0)
  dm-types (~> 1.0.0)
  dm-validations (~> 1.0.0)
  haml
  inherited_resources (~> 1.1.2)
  railties (~> 3.0.0.beta4)
  rspec (~> 2.0.0.beta.17)
  rspec-core (~> 2.0.0.beta.17)
  rspec-expectations (~> 2.0.0.beta.17)
  rspec-mocks (~> 2.0.0.beta.17)
  rspec-rails (~> 2.0.0.beta.17)
  ruby-debug
  yogo-project!
