GIT
  remote: git://github.com/datamapper/dm-types.git
  revision: 674738f2a94788b975e99013098323d6b0e9c18a
  ref: 674738f2a94788b975e9
  specs:
    dm-types (1.0.0)
      dm-core (~> 1.0.0)
      fastercsv (~> 1.5.3)
      json_pure (~> 1.4.3)
      stringex (~> 1.1.0)
      uuidtools (~> 2.1.1)

GIT
  remote: git://github.com/jnicklas/carrierwave.git
  revision: 015530b3cb83cc7988565d2d6f118d6b64b1f83c
  specs:
    carrierwave (0.5.0.beta2)
      activesupport (>= 3.0.0.rc)

GIT
  remote: git://github.com/yogo/yogo-project.git
  revision: 072956506d4b8be470003f0da6cefbad520232c0
  branch: topic/ruby19
  specs:
    yogo-project (0.3.2)
      carrierwave
      configatron
      deep_merge
      dm-aggregates (~> 1.0.0)
      dm-core (~> 1.0.0)
      dm-migrations (~> 1.0.0)
      dm-timestamps (~> 1.0.0)
      dm-types (~> 1.0.0)
      dm-validations (~> 1.0.0)

GEM
  remote: http://rubygems.org/
  specs:
    abstract (1.0.0)
    actionmailer (3.0.0)
      actionpack (= 3.0.0)
      mail (~> 2.2.5)
    actionpack (3.0.0)
      activemodel (= 3.0.0)
      activesupport (= 3.0.0)
      builder (~> 2.1.2)
      erubis (~> 2.6.6)
      i18n (~> 0.4.1)
      rack (~> 1.2.1)
      rack-mount (~> 0.6.12)
      rack-test (~> 0.5.4)
      tzinfo (~> 0.3.23)
    activemodel (3.0.0)
      activesupport (= 3.0.0)
      builder (~> 2.1.2)
      i18n (~> 0.4.1)
    activerecord (3.0.0)
      activemodel (= 3.0.0)
      activesupport (= 3.0.0)
      arel (~> 1.0.0)
      tzinfo (~> 0.3.23)
    activeresource (3.0.0)
      activemodel (= 3.0.0)
      activesupport (= 3.0.0)
    activesupport (3.0.0)
    addressable (2.2.0)
    archive-tar-minitar (0.5.2)
    arel (1.0.1)
      activesupport (~> 3.0.0)
    bcrypt-ruby (2.1.2)
    builder (2.1.2)
    columnize (0.3.1)
    compass (0.10.5)
      haml (>= 3.0.4)
    configatron (2.6.3)
      yamler (>= 0.1.0)
    daemons (1.0.10)
    data_objects (0.10.2)
      addressable (~> 2.1)
    deep_merge (0.1.0)
    devise (1.1.2)
      bcrypt-ruby (~> 2.1.2)
      warden (~> 0.10.7)
    diff-lcs (1.1.2)
    dm-active_model (1.0.0)
      activemodel (~> 3.0.0.beta3)
      dm-core (~> 1.0.0)
    dm-adjust (1.0.0)
      dm-core (~> 1.0.0)
    dm-aggregates (1.0.0)
      dm-core (~> 1.0.0)
    dm-constraints (1.0.0)
      dm-core (~> 1.0.0)
      dm-migrations (~> 1.0.0)
    dm-core (1.0.0)
      addressable (~> 2.1)
      extlib (~> 0.9.15)
    dm-devise (1.1.2)
      bcrypt-ruby (~> 2.1.2)
      devise (~> 1.1.0)
      dm-core (~> 1.0.0)
      dm-migrations (~> 1.0.0)
      dm-rails (>= 1.0.3)
      dm-serializer (~> 1.0.0)
      dm-timestamps (~> 1.0.0)
      dm-validations (~> 1.0.0)
      warden (~> 0.10.7)
    dm-do-adapter (1.0.0)
      data_objects (~> 0.10.1)
      dm-core (~> 1.0.0)
    dm-is-list (1.0.0)
      dm-adjust (~> 1.0.0)
      dm-core (~> 1.0.0)
    dm-migrations (1.0.0)
      dm-core (~> 1.0.0)
    dm-observer (1.0.0)
      dm-core (~> 1.0.0)
    dm-persevere-adapter (0.72.0)
      dm-aggregates (~> 1.0)
      dm-core (~> 1.0)
      dm-migrations
      dm-types (~> 1.0)
      dm-validations
    dm-postgres-adapter (1.0.0)
      dm-do-adapter (~> 1.0.0)
      do_postgres (~> 0.10.2)
    dm-rails (1.0.3)
      actionpack (~> 3.0.0.rc)
      activesupport (~> 3.0.0.rc)
      dm-active_model (~> 1.0.0)
      dm-core (~> 1.0.0)
      railties (~> 3.0.0.rc)
    dm-serializer (1.0.0)
      dm-core (~> 1.0.0)
      fastercsv (~> 1.5.3)
      json_pure (~> 1.4.3)
    dm-sqlite-adapter (1.0.0)
      dm-do-adapter (~> 1.0.0)
      do_sqlite3 (~> 0.10.2)
    dm-timestamps (1.0.0)
      dm-core (~> 1.0.0)
    dm-transactions (1.0.0)
      dm-core (~> 1.0.0)
    dm-validations (1.0.0)
      dm-core (~> 1.0.0)
    do_postgres (0.10.2)
      data_objects (= 0.10.2)
    do_sqlite3 (0.10.2)
      data_objects (= 0.10.2)
    erubis (2.6.6)
      abstract (>= 1.0.0)
    extlib (0.9.15)
    factory_girl (1.3.2)
    factory_girl_rails (1.0)
      factory_girl (~> 1.3)
      rails (>= 3.0.0.beta4)
    fastercsv (1.5.3)
    gem_plugin (0.2.3)
    haml (3.0.18)
    has_scope (0.5.0)
    i18n (0.4.1)
    inherited_resources (1.1.2)
      has_scope (~> 0.5.0)
      responders (~> 0.6.0)
    json_pure (1.4.6)
    linecache (0.43)
    linecache19 (0.5.11)
      ruby_core_source (>= 0.1.4)
    mail (2.2.5)
      activesupport (>= 2.3.6)
      mime-types
      treetop (>= 1.4.5)
    mime-types (1.16)
    mongrel (1.2.0.pre2)
      daemons (~> 1.0.10)
      gem_plugin (~> 0.2.3)
    polyglot (0.3.1)
    rack (1.2.1)
    rack-mount (0.6.12)
      rack (>= 1.0.0)
    rack-test (0.5.4)
      rack (>= 1.0)
    rails (3.0.0)
      actionmailer (= 3.0.0)
      actionpack (= 3.0.0)
      activerecord (= 3.0.0)
      activeresource (= 3.0.0)
      activesupport (= 3.0.0)
      bundler (~> 1.0.0)
      railties (= 3.0.0)
    railties (3.0.0)
      actionpack (= 3.0.0)
      activesupport (= 3.0.0)
      rake (>= 0.8.4)
      thor (~> 0.14.0)
    rake (0.8.7)
    responders (0.6.2)
    rspec (2.0.0.beta.20)
      rspec-core (= 2.0.0.beta.20)
      rspec-expectations (= 2.0.0.beta.20)
      rspec-mocks (= 2.0.0.beta.20)
    rspec-core (2.0.0.beta.20)
    rspec-expectations (2.0.0.beta.20)
      diff-lcs (>= 1.1.2)
    rspec-mocks (2.0.0.beta.20)
    rspec-rails (2.0.0.beta.20)
      rspec (= 2.0.0.beta.20)
    ruby-debug (0.10.3)
      columnize (>= 0.1)
      ruby-debug-base (~> 0.10.3.0)
    ruby-debug-base (0.10.3)
      linecache (>= 0.3)
    ruby-debug-base19 (0.11.24)
      columnize (>= 0.3.1)
      linecache19 (>= 0.5.11)
      ruby_core_source (>= 0.1.4)
    ruby-debug19 (0.11.6)
      columnize (>= 0.3.1)
      linecache19 (>= 0.5.11)
      ruby-debug-base19 (>= 0.11.19)
    ruby_core_source (0.1.4)
      archive-tar-minitar (>= 0.5.2)
    stringex (1.1.0)
    thor (0.14.0)
    treetop (1.4.8)
      polyglot (>= 0.3.1)
    tzinfo (0.3.23)
    uuidtools (2.1.1)
    warden (0.10.7)
      rack (>= 1.0.0)
    yamler (0.1.0)
    yard (0.6.0)

PLATFORMS
  ruby

DEPENDENCIES
  actionmailer (~> 3.0.0)
  actionpack (~> 3.0.0)
  activesupport (~> 3.0.0)
  carrierwave!
  compass (>= 0.10.2)
  devise (~> 1.1.1)
  dm-aggregates (~> 1.0.0)
  dm-constraints (~> 1.0.0)
  dm-core (~> 1.0.0)
  dm-devise (~> 1.1.0)
  dm-is-list (~> 1.0.0)
  dm-migrations (~> 1.0.0)
  dm-observer (~> 1.0.0)
  dm-persevere-adapter (= 0.72.0)
  dm-postgres-adapter (~> 1.0.0)
  dm-rails (~> 1.0.3)
  dm-sqlite-adapter (~> 1.0.0)
  dm-timestamps (~> 1.0.0)
  dm-transactions (~> 1.0.0)
  dm-types (~> 1.0.0)!
  dm-validations (~> 1.0.0)
  factory_girl
  factory_girl_rails
  haml
  inherited_resources (~> 1.1.2)
  mongrel (~> 1.2.0.pre2)
  rails (~> 3.0.0)
  railties (~> 3.0.0)
  rspec (~> 2.0.0.beta.20)
  rspec-core (~> 2.0.0.beta.20)
  rspec-expectations (~> 2.0.0.beta.20)
  rspec-mocks (~> 2.0.0.beta.20)
  rspec-rails (~> 2.0.0.beta.20)
  ruby-debug
  ruby-debug19
  yard
  yogo-project!
